GEM
  remote: https://rubygems.org/
  specs:
    bouncy-castle-java (1.5.0147)
    hashie (3.3.2)
    jenkins-plugin-runtime (0.2.3)
      json
      slop (~> 3.0.2)
    jruby-openssl (0.8.8)
      bouncy-castle-java (>= 1.5.0147)
    json (1.8.1-java)
    mime-types (2.4.3)
    netrc (0.10.2)
    rest-client (1.7.2)
      mime-types (>= 1.16, < 3.0)
      netrc (~> 0.7)
    slop (3.0.4)

PLATFORMS
  java

DEPENDENCIES
  hashie
  jenkins-plugin-runtime (~> 0.2.3)
  jruby-openssl (= 0.8.8)
  rest-client
